GEM
  remote: https://rubygems.org/
  specs:
    daybreak (0.3.0)
    httparty (0.14.0)
      multi_xml (>= 0.5.2)
    mail (2.6.4)
      mime-types (>= 1.16, < 4)
    mime-types (3.1)
      mime-types-data (~> 3.2015)
    mime-types-data (3.2016.0521)
    multi_xml (0.5.5)

PLATFORMS
  ruby

DEPENDENCIES
  daybreak
  httparty
  mail

BUNDLED WITH
   1.12.5
